PATH
  remote: .
  specs:
    sticky_avro_turf (0.1.0)
      avro_turf (~> 1.7)
      aws-sdk-glue (~> 1.118)

GEM
  remote: https://rubygems.org/
  specs:
    avro (1.11.1)
      multi_json (~> 1.0)
    avro_turf (1.7.0)
      avro (>= 1.7.7, < 1.12)
      excon (~> 0.71)
    aws-eventstream (1.2.0)
    aws-partitions (1.630.0)
    aws-sdk-core (3.147.0)
      aws-eventstream (~> 1, >= 1.0.2)
      aws-partitions (~> 1, >= 1.525.0)
      aws-sigv4 (~> 1.1)
      jmespath (~> 1, >= 1.6.1)
    aws-sdk-glue (1.118.0)
      aws-sdk-core (~> 3, >= 3.127.0)
      aws-sigv4 (~> 1.1)
    aws-sigv4 (1.5.1)
      aws-eventstream (~> 1, >= 1.0.2)
    diff-lcs (1.5.0)
    excon (0.92.4)
    haml (5.2.2)
      temple (>= 0.8.0)
      tilt
    jmespath (1.6.1)
    multi_json (1.15.0)
    prettier (3.2.0)
      syntax_tree (>= 2.7.1)
      syntax_tree-haml (>= 1.1.0)
      syntax_tree-rbs (>= 0.2.0)
    prettier_print (0.1.0)
    rake (13.0.6)
    rbs (2.6.0)
    rspec (3.11.0)
      rspec-core (~> 3.11.0)
      rspec-expectations (~> 3.11.0)
      rspec-mocks (~> 3.11.0)
    rspec-core (3.11.0)
      rspec-support (~> 3.11.0)
    rspec-expectations (3.11.1)
      diff-lcs (>= 1.2.0, < 2.0)
      rspec-support (~> 3.11.0)
    rspec-mocks (3.11.1)
      diff-lcs (>= 1.2.0, < 2.0)
      rspec-support (~> 3.11.0)
    rspec-support (3.11.1)
    syntax_tree (3.5.0)
      prettier_print
    syntax_tree-haml (1.3.1)
      haml (>= 5.2)
      prettier_print
      syntax_tree (>= 2.0.1)
    syntax_tree-rbs (0.5.0)
      prettier_print
      rbs
      syntax_tree (>= 2.0.1)
    temple (0.8.2)
    tilt (2.0.11)

PLATFORMS
  x86_64-darwin-20

DEPENDENCIES
  prettier (~> 3.2)
  rake (~> 13.0)
  rspec (~> 3.11)
  sticky_avro_turf!

BUNDLED WITH
   2.3.22
