PATH
  remote: .
  specs:
    sticky_avro_turf (0.1.0)
      avro_turf (~> 1.7)
      aws-sdk-glue (~> 1.118)

GEM
  remote: https://rubygems.org/
  specs:
    avro (1.11.1)
      multi_json (~> 1.0)
    avro_turf (1.7.0)
      avro (>= 1.7.7, < 1.12)
      excon (~> 0.71)
    aws-eventstream (1.2.0)
    aws-partitions (1.630.0)
    aws-sdk-core (3.147.0)
      aws-eventstream (~> 1, >= 1.0.2)
      aws-partitions (~> 1, >= 1.525.0)
      aws-sigv4 (~> 1.1)
      jmespath (~> 1, >= 1.6.1)
    aws-sdk-glue (1.118.0)
      aws-sdk-core (~> 3, >= 3.127.0)
      aws-sigv4 (~> 1.1)
    aws-sigv4 (1.5.1)
      aws-eventstream (~> 1, >= 1.0.2)
    diff-lcs (1.5.0)
    excon (0.92.4)
    jmespath (1.6.1)
    multi_json (1.15.0)
    rspec (3.11.0)
      rspec-core (~> 3.11.0)
      rspec-expectations (~> 3.11.0)
      rspec-mocks (~> 3.11.0)
    rspec-core (3.11.0)
      rspec-support (~> 3.11.0)
    rspec-expectations (3.11.1)
      diff-lcs (>= 1.2.0, < 2.0)
      rspec-support (~> 3.11.0)
    rspec-mocks (3.11.1)
      diff-lcs (>= 1.2.0, < 2.0)
      rspec-support (~> 3.11.0)
    rspec-support (3.11.1)

PLATFORMS
  universal-darwin-21

DEPENDENCIES
  rspec (~> 3.11)
  sticky_avro_turf!

BUNDLED WITH
   2.3.22
